{
	"Modality": "MR",
	"MagneticFieldStrength": 7,
	"ImagingFrequency": 297.211,
	"Manufacturer": "Siemens",
	"ManufacturersModelName": "Investigational_Device_7T",
	"InstitutionName": "UC Berkeley",
	"InstitutionalDepartmentName": "Department",
	"InstitutionAddress": "Oxford Street 1951,Berkeley,SFO,US,94720",
	"DeviceSerialNumber": "79024",
	"StationName": "AWP79024",
	"BodyPartExamined": "BRAIN",
	"PatientPosition": "HFS",
	"ProcedureStepDescription": "Test^Joseph",
	"SoftwareVersions": "syngo MR E12",
	"MRAcquisitionType": "2D",
	"SeriesDescription": "cmrr_mbep2d_es58_b10000",
	"ProtocolName": "cmrr_mbep2d_es58_b10000",
	"ScanningSequence": "EP",
	"SequenceVariant": "SK\\SS",
	"ScanOptions": "PFP",
	"SequenceName": "ep_b10#1",
	"ImageType": ["ORIGINAL", "PRIMARY", "DIFFUSION", "NONE", "ND", "MOSAIC"],
	"SeriesNumber": 38,
	"AcquisitionTime": "15:37:13.935000",
	"AcquisitionNumber": 1,
	"ImageComments": "SENSE1",
	"SliceThickness": 1.25,
	"SpacingBetweenSlices": 2.5,
	"SAR": 0.146452,
	"EchoTime": 0.0592,
	"RepetitionTime": 4.4,
	"FlipAngle": 90,
	"PartialFourier": 0.75,
	"BaseResolution": 168,
	"ShimSetting": [
		6,
		-16,
		85,
		1218,
		-22,
		-345,
		-142,
		-89	],
	"DiffusionScheme": "Monopolar",
	"TxRefAmp": 340,
	"PhaseResolution": 1,
	"ReceiveCoilName": "16Tx96Rx_Head",
	"ReceiveCoilActiveElements": "R96",
	"PulseSequenceDetails": "%CustomerSeq%\\cmrr_mbep2d_diff",
	"WipMemBlock": "2c1c45b0-345d-4b11-88ce-494c3b26449b||Sequence: R016 ve12u-ap02/master r/8df88d0f+; Sep  7 2021 10:20:38 by eja",
	"RefLinesPE": 66,
	"CoilCombinationMethod": "Sum of Squares",
	"ConsistencyInfo": "N4_VE12U_LATEST_20181126",
	"MatrixCoilMode": "GRAPPA",
	"PercentPhaseFOV": 100,
	"PercentSampling": 100,
	"EchoTrainLength": 42,
	"PhaseEncodingSteps": 127,
	"AcquisitionMatrixPE": 168,
	"ReconMatrixPE": 168,
	"BandwidthPerPixelPhaseEncode": 30.788,
	"ParallelReductionFactorInPlane": 3,
	"EffectiveEchoSpacing": 0.000193334,
	"DerivedVendorReportedEchoSpacing": 0.000580003,
	"TotalReadoutTime": 0.0322869,
	"PixelBandwidth": 1860,
	"DwellTime": 1.6e-06,
	"PhaseEncodingDirection": "j-",
	"SliceTiming": [
		2.2,
		0,
		2.28,
		0.08,
		2.3575,
		0.1575,
		2.4375,
		0.2375,
		2.515,
		0.315,
		2.5925,
		0.395,
		2.6725,
		0.4725,
		2.75,
		0.55,
		2.83,
		0.63,
		2.9075,
		0.7075,
		2.9875,
		0.7875,
		3.065,
		0.865,
		3.1425,
		0.9425,
		3.2225,
		1.0225,
		3.3,
		1.1,
		3.38,
		1.18,
		3.4575,
		1.2575,
		3.5375,
		1.3375,
		3.615,
		1.415,
		3.6925,
		1.4925,
		3.7725,
		1.5725,
		3.85,
		1.65,
		3.93,
		1.73,
		4.0075,
		1.8075,
		4.0875,
		1.8875,
		4.165,
		1.965,
		4.2425,
		2.0425,
		4.3225,
		2.1225	],
	"ImageOrientationPatientDICOM": [
		1,
		0,
		0,
		0,
		1,
		0	],
	"ImageOrientationText": "Tra",
	"InPlanePhaseEncodingDirectionDICOM": "COL",
	"ConversionSoftware": "dcm2niix",
	"ConversionSoftwareVersion": "v1.0.20211006"
}
