{
	"Modality": "MR",
	"MagneticFieldStrength": 7,
	"ImagingFrequency": 297.211,
	"Manufacturer": "Siemens",
	"ManufacturersModelName": "Investigational_Device_7T",
	"InstitutionName": "UC Berkeley",
	"InstitutionalDepartmentName": "Department",
	"InstitutionAddress": "Oxford Street 1951,Berkeley,SFO,US,94720",
	"DeviceSerialNumber": "79024",
	"StationName": "AWP79024",
	"BodyPartExamined": "BRAIN",
	"PatientPosition": "HFS",
	"ProcedureStepDescription": "Test^Joseph",
	"SoftwareVersions": "syngo MR E12",
	"MRAcquisitionType": "2D",
	"SeriesDescription": "cmrr_mbep2d_matchedBW_TRTE_b3000",
	"ProtocolName": "cmrr_mbep2d_matchedBW_TRTE_b3000",
	"ScanningSequence": "EP",
	"SequenceVariant": "SK\\SS",
	"ScanOptions": "PFP",
	"SequenceName": "ep_b10#1",
	"ImageType": ["ORIGINAL", "PRIMARY", "DIFFUSION", "NONE", "ND", "MOSAIC"],
	"SeriesNumber": 25,
	"AcquisitionTime": "15:12:13.605000",
	"AcquisitionNumber": 1,
	"ImageComments": "SENSE1",
	"SliceThickness": 1.25,
	"SpacingBetweenSlices": 2.5,
	"SAR": 0.1172,
	"EchoTime": 0.074,
	"RepetitionTime": 5.5,
	"FlipAngle": 90,
	"PartialFourier": 0.75,
	"BaseResolution": 168,
	"ShimSetting": [
		6,
		-16,
		85,
		1218,
		-22,
		-345,
		-142,
		-89	],
	"DiffusionScheme": "Monopolar",
	"TxRefAmp": 340,
	"PhaseResolution": 1,
	"VendorReportedEchoSpacing": 0.00074,
	"ReceiveCoilName": "16Tx96Rx_Head",
	"ReceiveCoilActiveElements": "R96",
	"PulseSequenceDetails": "%CustomerSeq%\\cmrr_mbep2d_diff",
	"WipMemBlock": "5fa63e54-4397-4ec1-93ae-67a6daf2cb72||Sequence: R016 ve12u-ap02/master r/8df88d0f+; Sep  7 2021 10:20:38 by eja",
	"RefLinesPE": 66,
	"CoilCombinationMethod": "Sum of Squares",
	"ConsistencyInfo": "N4_VE12U_LATEST_20181126",
	"MatrixCoilMode": "GRAPPA",
	"PercentPhaseFOV": 100,
	"PercentSampling": 100,
	"EchoTrainLength": 42,
	"PhaseEncodingSteps": 127,
	"AcquisitionMatrixPE": 168,
	"ReconMatrixPE": 168,
	"BandwidthPerPixelPhaseEncode": 24.131,
	"ParallelReductionFactorInPlane": 3,
	"EffectiveEchoSpacing": 0.000246669,
	"DerivedVendorReportedEchoSpacing": 0.000740008,
	"TotalReadoutTime": 0.0411938,
	"PixelBandwidth": 1565,
	"DwellTime": 1.9e-06,
	"PhaseEncodingDirection": "j-",
	"SliceTiming": [
		2.75,
		0,
		2.85,
		0.1,
		2.9475,
		0.1975,
		3.045,
		0.295,
		3.145,
		0.395,
		3.2425,
		0.4925,
		3.34,
		0.59,
		3.4375,
		0.6875,
		3.5375,
		0.7875,
		3.635,
		0.885,
		3.7325,
		0.9825,
		3.8325,
		1.0825,
		3.93,
		1.18,
		4.0275,
		1.2775,
		4.125,
		1.375,
		4.225,
		1.475,
		4.3225,
		1.5725,
		4.42,
		1.67,
		4.52,
		1.77,
		4.6175,
		1.8675,
		4.715,
		1.965,
		4.8125,
		2.0625,
		4.9125,
		2.1625,
		5.01,
		2.26,
		5.1075,
		2.3575,
		5.2075,
		2.4575,
		5.305,
		2.555,
		5.4025,
		2.6525	],
	"ImageOrientationPatientDICOM": [
		1,
		0,
		0,
		0,
		1,
		0	],
	"ImageOrientationText": "Tra",
	"InPlanePhaseEncodingDirectionDICOM": "COL",
	"ConversionSoftware": "dcm2niix",
	"ConversionSoftwareVersion": "v1.0.20211006"
}
