{
	"Modality": "MR",
	"MagneticFieldStrength": 7,
	"ImagingFrequency": 297.211,
	"Manufacturer": "Siemens",
	"ManufacturersModelName": "Investigational_Device_7T",
	"InstitutionName": "UC Berkeley",
	"InstitutionalDepartmentName": "Department",
	"InstitutionAddress": "Oxford Street 1951,Berkeley,SFO,US,94720",
	"DeviceSerialNumber": "79024",
	"StationName": "AWP79024",
	"BodyPartExamined": "BRAIN",
	"PatientPosition": "HFS",
	"ProcedureStepDescription": "Test^Joseph",
	"SoftwareVersions": "syngo MR E12",
	"MRAcquisitionType": "2D",
	"SeriesDescription": "cmrr_mbep2d_es58_b3000",
	"ProtocolName": "cmrr_mbep2d_es58_b3000",
	"ScanningSequence": "EP",
	"SequenceVariant": "SK\\SS",
	"ScanOptions": "PFP",
	"SequenceName": "ep_b10#1",
	"ImageType": ["ORIGINAL", "PRIMARY", "DIFFUSION", "NONE", "ND", "MOSAIC"],
	"SeriesNumber": 9,
	"AcquisitionTime": "14:53:10.175000",
	"AcquisitionNumber": 1,
	"ImageComments": "SENSE1",
	"SliceThickness": 1.25,
	"SpacingBetweenSlices": 2.5,
	"SAR": 0.154899,
	"EchoTime": 0.055,
	"RepetitionTime": 4.156,
	"FlipAngle": 90,
	"PartialFourier": 0.75,
	"BaseResolution": 168,
	"ShimSetting": [
		6,
		-16,
		85,
		1218,
		-22,
		-345,
		-142,
		-89	],
	"DiffusionScheme": "Monopolar",
	"TxRefAmp": 340,
	"PhaseResolution": 1,
	"ReceiveCoilName": "16Tx96Rx_Head",
	"ReceiveCoilActiveElements": "R96",
	"PulseSequenceDetails": "%CustomerSeq%\\cmrr_mbep2d_diff",
	"WipMemBlock": "5749e732-ecf5-4e7e-bcbc-335bfea875a5||Sequence: R016 ve12u-ap02/master r/8df88d0f+; Sep  7 2021 10:20:38 by eja",
	"RefLinesPE": 66,
	"CoilCombinationMethod": "Sum of Squares",
	"ConsistencyInfo": "N4_VE12U_LATEST_20181126",
	"MatrixCoilMode": "GRAPPA",
	"PercentPhaseFOV": 100,
	"PercentSampling": 100,
	"EchoTrainLength": 42,
	"PhaseEncodingSteps": 127,
	"AcquisitionMatrixPE": 168,
	"ReconMatrixPE": 168,
	"BandwidthPerPixelPhaseEncode": 30.788,
	"ParallelReductionFactorInPlane": 3,
	"EffectiveEchoSpacing": 0.000193334,
	"DerivedVendorReportedEchoSpacing": 0.000580003,
	"TotalReadoutTime": 0.0322869,
	"PixelBandwidth": 1860,
	"DwellTime": 1.6e-06,
	"PhaseEncodingDirection": "j-",
	"SliceTiming": [
		2.0775,
		0,
		2.1525,
		0.0725,
		2.225,
		0.1475,
		2.3,
		0.2225,
		2.375,
		0.295,
		2.4475,
		0.37,
		2.5225,
		0.445,
		2.5975,
		0.5175,
		2.67,
		0.5925,
		2.745,
		0.6675,
		2.82,
		0.7425,
		2.8925,
		0.815,
		2.9675,
		0.89,
		3.0425,
		0.965,
		3.115,
		1.0375,
		3.19,
		1.1125,
		3.265,
		1.1875,
		3.3375,
		1.26,
		3.4125,
		1.335,
		3.4875,
		1.41,
		3.5625,
		1.4825,
		3.635,
		1.5575,
		3.71,
		1.6325,
		3.785,
		1.705,
		3.8575,
		1.78,
		3.9325,
		1.855,
		4.0075,
		1.9275,
		4.08,
		2.0025	],
	"ImageOrientationPatientDICOM": [
		1,
		0,
		0,
		0,
		1,
		0	],
	"ImageOrientationText": "Tra",
	"InPlanePhaseEncodingDirectionDICOM": "COL",
	"ConversionSoftware": "dcm2niix",
	"ConversionSoftwareVersion": "v1.0.20211006"
}
