{
	"Modality": "MR",
	"MagneticFieldStrength": 7,
	"ImagingFrequency": 297.211,
	"Manufacturer": "Siemens",
	"ManufacturersModelName": "Investigational_Device_7T",
	"InstitutionName": "UC Berkeley",
	"InstitutionalDepartmentName": "Department",
	"InstitutionAddress": "Oxford Street 1951,Berkeley,SFO,US,94720",
	"DeviceSerialNumber": "79024",
	"StationName": "AWP79024",
	"BodyPartExamined": "BRAIN",
	"PatientPosition": "HFS",
	"ProcedureStepDescription": "Test^Joseph",
	"SoftwareVersions": "syngo MR E12",
	"MRAcquisitionType": "2D",
	"SeriesDescription": "cmrr_mbep2d_matchedBW_TRTE_b10000",
	"ProtocolName": "cmrr_mbep2d_matchedBW_TRTE_b10000",
	"ScanningSequence": "EP",
	"SequenceVariant": "SK\\SS",
	"ScanOptions": "PFP",
	"SequenceName": "ep_b0",
	"ImageType": ["ORIGINAL", "PRIMARY", "DIFFUSION", "NONE", "ND", "MOSAIC"],
	"SeriesNumber": 32,
	"AcquisitionTime": "15:26:6.195000",
	"AcquisitionNumber": 1,
	"ImageComments": "SENSE1",
	"SliceThickness": 1.25,
	"SpacingBetweenSlices": 2.5,
	"SAR": 0.0821919,
	"EchoTime": 0.11,
	"RepetitionTime": 7.5,
	"FlipAngle": 90,
	"PartialFourier": 0.75,
	"BaseResolution": 168,
	"ShimSetting": [
		6,
		-16,
		85,
		1218,
		-22,
		-345,
		-142,
		-89	],
	"DiffusionScheme": "Monopolar",
	"TxRefAmp": 340,
	"PhaseResolution": 1,
	"VendorReportedEchoSpacing": 0.00074,
	"ReceiveCoilName": "16Tx96Rx_Head",
	"ReceiveCoilActiveElements": "R96",
	"PulseSequenceDetails": "%CustomerSeq%\\cmrr_mbep2d_diff",
	"WipMemBlock": "2db631c0-a648-4108-88c7-ac3efb722fe1||Sequence: R016 ve12u-ap02/master r/8df88d0f+; Sep  7 2021 10:20:38 by eja",
	"RefLinesPE": 66,
	"CoilCombinationMethod": "Sum of Squares",
	"ConsistencyInfo": "N4_VE12U_LATEST_20181126",
	"MatrixCoilMode": "GRAPPA",
	"PercentPhaseFOV": 100,
	"PercentSampling": 100,
	"EchoTrainLength": 42,
	"PhaseEncodingSteps": 127,
	"AcquisitionMatrixPE": 168,
	"ReconMatrixPE": 168,
	"BandwidthPerPixelPhaseEncode": 24.131,
	"ParallelReductionFactorInPlane": 3,
	"EffectiveEchoSpacing": 0.000246669,
	"DerivedVendorReportedEchoSpacing": 0.000740008,
	"TotalReadoutTime": 0.0411938,
	"PixelBandwidth": 1565,
	"DwellTime": 1.9e-06,
	"PhaseEncodingDirection": "j-",
	"SliceTiming": [
		3.75,
		0,
		3.885,
		0.135,
		4.0175,
		0.27,
		4.1525,
		0.4025,
		4.2875,
		0.5375,
		4.42,
		0.67,
		4.555,
		0.805,
		4.6875,
		0.9375,
		4.8225,
		1.0725,
		4.955,
		1.2075,
		5.09,
		1.34,
		5.225,
		1.475,
		5.3575,
		1.6075,
		5.4925,
		1.7425,
		5.625,
		1.875,
		5.76,
		2.01,
		5.8925,
		2.1425,
		6.0275,
		2.2775,
		6.1625,
		2.4125,
		6.295,
		2.545,
		6.43,
		2.68,
		6.5625,
		2.8125,
		6.6975,
		2.9475,
		6.83,
		3.08,
		6.965,
		3.215,
		7.1,
		3.35,
		7.2325,
		3.4825,
		7.3675,
		3.6175	],
	"ImageOrientationPatientDICOM": [
		1,
		0,
		0,
		0,
		1,
		0	],
	"ImageOrientationText": "Tra",
	"InPlanePhaseEncodingDirectionDICOM": "COL",
	"ConversionSoftware": "dcm2niix",
	"ConversionSoftwareVersion": "v1.0.20211006"
}
