{
	"Modality": "MR",
	"MagneticFieldStrength": 7,
	"ImagingFrequency": 297.211,
	"Manufacturer": "Siemens",
	"ManufacturersModelName": "Investigational_Device_7T",
	"InstitutionName": "UC Berkeley",
	"InstitutionalDepartmentName": "Department",
	"InstitutionAddress": "Oxford Street 1951,Berkeley,SFO,US,94720",
	"DeviceSerialNumber": "79024",
	"StationName": "AWP79024",
	"BodyPartExamined": "BRAIN",
	"PatientPosition": "HFS",
	"ProcedureStepDescription": "Test^Alex",
	"SoftwareVersions": "syngo MR E12",
	"MRAcquisitionType": "2D",
	"SeriesDescription": "cmrr_mbep2d_pt8mm_es75_b1000",
	"ProtocolName": "cmrr_mbep2d_pt8mm_es75_b1000",
	"ScanningSequence": "EP",
	"SequenceVariant": "SK\\SS",
	"ScanOptions": "PFP",
	"SequenceName": "ep_b25#1",
	"ImageType": ["ORIGINAL", "PRIMARY", "DIFFUSION", "NONE", "ND", "MOSAIC"],
	"SeriesNumber": 21,
	"AcquisitionTime": "18:48:37.005000",
	"AcquisitionNumber": 1,
	"ImageComments": "SENSE1",
	"SliceThickness": 0.8,
	"SpacingBetweenSlices": 2.4,
	"SAR": 0.0979864,
	"EchoTime": 0.0702,
	"RepetitionTime": 6,
	"FlipAngle": 90,
	"PartialFourier": 0.75,
	"BaseResolution": 262,
	"ShimSetting": [
		-3,
		-1,
		102,
		1493,
		-40,
		6,
		-7,
		-168	],
	"DiffusionScheme": "Monopolar",
	"TxRefAmp": 330,
	"PhaseResolution": 1,
	"ReceiveCoilName": "16Tx96Rx_Head",
	"ReceiveCoilActiveElements": "R96",
	"PulseSequenceDetails": "%CustomerSeq%\\cmrr_mbep2d_diff",
	"WipMemBlock": "dc8c41b8-ce8d-4973-94b0-676bdd579015||Sequence: R016 ve12u-ap02/master r/8df88d0f+; Sep  7 2021 10:20:38 by eja",
	"RefLinesPE": 126,
	"CoilCombinationMethod": "Sum of Squares",
	"ConsistencyInfo": "N4_VE12U_LATEST_20181126",
	"MatrixCoilMode": "GRAPPA",
	"PercentPhaseFOV": 100,
	"PercentSampling": 100,
	"EchoTrainLength": 65,
	"PhaseEncodingSteps": 196,
	"AcquisitionMatrixPE": 262,
	"ReconMatrixPE": 262,
	"BandwidthPerPixelPhaseEncode": 15.685,
	"ParallelReductionFactorInPlane": 3,
	"EffectiveEchoSpacing": 0.00024334,
	"DerivedVendorReportedEchoSpacing": 0.000730021,
	"TotalReadoutTime": 0.0635118,
	"PixelBandwidth": 1470,
	"DwellTime": 1.3e-06,
	"PhaseEncodingDirection": "j",
	"SliceTiming": [
		3,
		0,
		3.1125,
		0.1125,
		3.2225,
		0.2225,
		3.335,
		0.335,
		3.445,
		0.445,
		3.5575,
		0.5575,
		3.6675,
		0.6675,
		3.7775,
		0.78,
		3.89,
		0.89,
		4,
		1,
		4.1125,
		1.1125,
		4.2225,
		1.2225,
		4.335,
		1.335,
		4.445,
		1.445,
		4.5575,
		1.5575,
		4.6675,
		1.6675,
		4.7775,
		1.78,
		4.89,
		1.89,
		5,
		2,
		5.1125,
		2.1125,
		5.2225,
		2.2225,
		5.335,
		2.335,
		5.445,
		2.445,
		5.5575,
		2.5575,
		5.6675,
		2.6675,
		5.7775,
		2.78,
		5.89,
		2.89	],
	"ImageOrientationPatientDICOM": [
		1,
		0,
		0,
		0,
		0.800731,
		-0.599024	],
	"ImageOrientationText": "Tra>Cor(-36.8)",
	"InPlanePhaseEncodingDirectionDICOM": "COL",
	"ConversionSoftware": "dcm2niix",
	"ConversionSoftwareVersion": "v1.0.20211006"
}
