{
	"Modality": "MR",
	"MagneticFieldStrength": 7,
	"ImagingFrequency": 297.192,
	"Manufacturer": "Siemens",
	"ManufacturersModelName": "Investigational_Device_7T",
	"InstitutionName": "UC Berkeley",
	"InstitutionalDepartmentName": "Department",
	"InstitutionAddress": "Oxford Street 1951,Berkeley,SFO,US,94720",
	"DeviceSerialNumber": "79024",
	"StationName": "AWP79024",
	"BodyPartExamined": "BRAIN",
	"PatientPosition": "HFS",
	"ProcedureStepDescription": "Alex^EPI",
	"SoftwareVersions": "syngo MR E12",
	"MRAcquisitionType": "3D",
	"SeriesDescription": "dzne_ep3d_fmri_p35_RHsettings_RR_E00_P",
	"ProtocolName": "dzne_ep3d_fmri_p35_RHsettings",
	"ScanningSequence": "RM",
	"SequenceVariant": "SK\\SP",
	"ScanOptions": "PFP\\FS",
	"SequenceName": "fmri_v1.1.6",
	"ImageType": ["ORIGINAL", "PRIMARY", "P", "ND", "ECHO", "00", "COMBINED", "MOSAIC", "PHASE"],
	"SeriesNumber": 30,
	"AcquisitionTime": "15:30:29.895000",
	"AcquisitionNumber": 1,
	"ImageComments": "E00_Com\r\n20220601_s002^96ch/19840101/20220601_s002/2",
	"SliceThickness": 0.35,
	"SpacingBetweenSlices": 0.35,
	"EchoTime": 0.018,
	"RepetitionTime": 5,
	"SpoilingState": true,
	"FlipAngle": 15,
	"EchoTime1": 0.018,
	"EchoTime2": 0.048,
	"PartialFourier": 0.75,
	"BaseResolution": 512,
	"ShimSetting": [
		108,
		144,
		387,
		-322,
		507,
		1508,
		-709,
		535	],
	"TxRefAmp": 330,
	"PhaseResolution": 1,
	"ReceiveCoilName": "16Tx96Rx_Head",
	"ReceiveCoilActiveElements": "R96",
	"PulseSequenceDetails": "%CustomerSeq%\\dzne_ep3d_fmri",
	"WipMemBlock": "vx_ep3d 7fc60e8 fmri_v1.1.6",
	"RefLinesPE": 75,
	"CoilCombinationMethod": "Sum of Squares",
	"ConsistencyInfo": "N4_VE12U_LATEST_20181126",
	"AccelFact3D": 3,
	"PercentPhaseFOV": 50,
	"PercentSampling": 100,
	"PhaseEncodingSteps": 192,
	"AcquisitionMatrixPE": 256,
	"ReconMatrixPE": 256,
	"BandwidthPerPixelPhaseEncode": 22.321,
	"ParallelReductionFactorInPlane": 3,
	"EffectiveEchoSpacing": 0.000175003,
	"DerivedVendorReportedEchoSpacing": 0.00052501,
	"TotalReadoutTime": 0.0446259,
	"PixelBandwidth": 1085,
	"DwellTime": 9e-07,
	"ImageOrientationPatientDICOM": [
		1,
		0,
		0,
		0,
		-0.450878,
		-0.892586	],
	"ImageOrientationText": "Cor>Tra(26.8)",
	"InPlanePhaseEncodingDirectionDICOM": "ROW",
	"ConversionSoftware": "dcm2niix",
	"ConversionSoftwareVersion": "v1.0.20211006"
}
